GEM
  remote: https://rubygems.org/
  specs:
    byebug (11.1.3)
    rake (13.0.6)
    wisper (2.0.1)

PLATFORMS
  ruby

DEPENDENCIES
  byebug (~> 11.1, >= 11.1.3)
  rake (~> 13.0, >= 13.0.6)
  wisper (~> 2.0, >= 2.0.1)

BUNDLED WITH
   2.1.4
